PATH
  remote: .
  specs:
    ggem (1.8.4)
      much-plugin (~> 0.2.0)
      scmd (~> 3.0.3)

GEM
  remote: https://rubygems.org/
  specs:
    assert (2.16.5)
      much-factory (~> 0.1.0)
      much-stub (~> 0.1.0)
    coderay (1.1.2)
    method_source (0.9.0)
    much-factory (0.1.0)
    much-plugin (0.2.0)
    much-stub (0.1.0)
    posix-spawn (0.3.11)
    pry (0.9.12.6)
      coderay (~> 1.0)
      method_source (~> 0.8)
      slop (~> 3.4)
    scmd (3.0.3)
      posix-spawn (~> 0.3.11)
    slop (3.6.0)

PLATFORMS
  ruby

DEPENDENCIES
  assert (~> 2.16.3)
  ggem!
  pry (~> 0.9.0)

BUNDLED WITH
   1.16.2
