PATH
  remote: .
  specs:
    ggem (1.2.0)
      quickl

GEM
  remote: http://rubygems.org/
  specs:
    ansi (1.4.2)
    assert (0.7.3)
      assert-view (~> 0.5)
    assert-view (0.5.0)
      ansi (~> 1.3)
      undies (~> 2.0)
    quickl (0.4.2)
    rake (0.9.2.2)
    undies (2.2.1)

PLATFORMS
  ruby

DEPENDENCIES
  assert
  bundler (~> 1.1)
  ggem!
  rake (~> 0.9.2)
